GEM
  remote: https://rubygems.org/
  specs:
    epsagon (0.0.0)

PLATFORMS
  ruby

DEPENDENCIES
  epsagon (~> 0.0.0)

BUNDLED WITH
   1.17.3
