GEM
  remote: https://rubygems.org/
  specs:
    epsagon (0.0.7)
      faraday (~> 1.3)
      opentelemetry-api (~> 0.11.0)
      opentelemetry-exporter-otlp (~> 0.11.0)
      opentelemetry-instrumentation-sinatra (~> 0.11.0)
      opentelemetry-sdk (~> 0.11.1)
      sinatra (~> 2.1)
    faraday (1.3.0)
      faraday-net_http (~> 1.0)
      multipart-post (>= 1.2, < 3)
      ruby2_keywords
    faraday-net_http (1.0.1)
    google-protobuf (3.15.7)
    multipart-post (2.1.1)
    mustermann (1.1.1)
      ruby2_keywords (~> 0.0.1)
    opentelemetry-api (0.11.0)
    opentelemetry-common (0.11.0)
      opentelemetry-api (~> 0.11.0)
    opentelemetry-exporter-otlp (0.11.0)
      google-protobuf (>= 3.4.1.1, < 4)
      opentelemetry-api (~> 0.11.0)
      opentelemetry-common (~> 0.11.0)
    opentelemetry-instrumentation-sinatra (0.11.0)
      opentelemetry-api (~> 0.11.0)
    opentelemetry-sdk (0.11.1)
      opentelemetry-api (~> 0.11.0)
      opentelemetry-common (~> 0.11.0)
    rack (2.2.3)
    rack-protection (2.1.0)
      rack
    ruby2_keywords (0.0.4)
    sinatra (2.1.0)
      mustermann (~> 1.0)
      rack (~> 2.2)
      rack-protection (= 2.1.0)
      tilt (~> 2.0)
    tilt (2.0.10)

PLATFORMS
  ruby

DEPENDENCIES
  epsagon (= 0.0.7)
  faraday (~> 1.3)
  sinatra (~> 2.1)

BUNDLED WITH
   2.1.4
